GEM
  remote: http://rubygems.org/
  specs:
    cinch (2.0.2)
    nokogiri (1.5.3)

PLATFORMS
  ruby

DEPENDENCIES
  cinch
  nokogiri
